GEM
  remote: https://rubygems.org/
  specs:
    byebug (10.0.2)
    coderay (1.1.2)
    ffi (1.9.25)
    httparty (0.16.2)
      multi_xml (>= 0.5.2)
    libnotify (0.9.4)
      ffi (>= 1.0.11)
    method_source (0.9.0)
    mini_portile2 (2.3.0)
    multi_xml (0.6.0)
    nokogiri (1.8.5)
      mini_portile2 (~> 2.3.0)
    pry (0.11.3)
      coderay (~> 1.1.0)
      method_source (~> 0.9.0)
    pry-byebug (3.6.0)
      byebug (~> 10.0)
      pry (~> 0.10)
    pry-doc (0.13.4)
      pry (~> 0.11)
      yard (~> 0.9.11)
    rake (12.3.1)
    terminal-notifier (2.0.0)
    terminal-notifier-guard (1.7.0)
    yard (0.9.16)

PLATFORMS
  ruby

DEPENDENCIES
  httparty
  libnotify
  nokogiri
  pry-byebug
  pry-doc
  rake
  terminal-notifier
  terminal-notifier-guard

RUBY VERSION
   ruby 2.4.1p111

BUNDLED WITH
   1.16.6
